GEM
  remote: https://rubygems.org/
  specs:
    awesome_print (1.2.0)
    daemons (1.1.9)
    em-websocket (0.5.1)
      eventmachine (>= 0.12.9)
      http_parser.rb (~> 0.6.0)
    em-websocket-client (0.1.2)
      eventmachine
      websocket
    eventmachine (1.0.3)
    http_parser.rb (0.6.0)
    json (1.8.1)
    rack (1.5.2)
    rack-protection (1.5.3)
      rack
    sinatra (1.4.5)
      rack (~> 1.4)
      rack-protection (~> 1.4)
      tilt (~> 1.3, >= 1.3.4)
    thin (1.6.2)
      daemons (>= 1.0.9)
      eventmachine (>= 1.0.0)
      rack (>= 1.0.0)
    tilt (1.4.1)
    web-socket-ruby (0.1.0)
    websocket (1.1.4)

PLATFORMS
  ruby

DEPENDENCIES
  awesome_print
  em-websocket
  em-websocket-client
  json
  sinatra
  thin
  web-socket-ruby
